PATH
  remote: .
  specs:
    rebase (1.1.0)

GEM
  remote: https://rubygems.org/
  specs:
    minitest (5.5.1)

PLATFORMS
  ruby

DEPENDENCIES
  minitest (~> 5.5.1)
  rebase!
